PATH
  remote: .
  specs:
    us_passport_tracker (1.2.1)
      chromedriver-helper (~> 1.2)
      selenium-webdriver (~> 3.10)
      tty-font (~> 0.2)
      tty-prompt (~> 0.16)
      tty-spinner (~> 0.8)

GEM
  remote: https://rubygems.org/
  specs:
    ansi (1.5.0)
    archive-zip (0.11.0)
      io-like (~> 0.3.0)
    childprocess (0.9.0)
      ffi (~> 1.0, >= 1.0.11)
    chromedriver-helper (1.2.0)
      archive-zip (~> 0.10)
      nokogiri (~> 1.8)
    diff-lcs (1.3)
    docile (1.3.0)
    equatable (0.5.0)
    ffi (1.9.23)
    hirb (0.7.3)
    hitimes (1.2.6)
    io-like (0.3.0)
    json (2.1.0)
    mini_portile2 (2.3.0)
    necromancer (0.4.0)
    nokogiri (1.8.2)
      mini_portile2 (~> 2.3.0)
    pastel (0.7.2)
      equatable (~> 0.5.0)
      tty-color (~> 0.4.0)
    rake (10.5.0)
    rspec (3.7.0)
      rspec-core (~> 3.7.0)
      rspec-expectations (~> 3.7.0)
      rspec-mocks (~> 3.7.0)
    rspec-core (3.7.1)
      rspec-support (~> 3.7.0)
    rspec-expectations (3.7.0)
      diff-lcs (>= 1.2.0, < 2.0)
      rspec-support (~> 3.7.0)
    rspec-mocks (3.7.0)
      diff-lcs (>= 1.2.0, < 2.0)
      rspec-support (~> 3.7.0)
    rspec-support (3.7.1)
    rubyzip (1.2.1)
    selenium-webdriver (3.11.0)
      childprocess (~> 0.5)
      rubyzip (~> 1.2)
    simplecov (0.16.1)
      docile (~> 1.1)
      json (>= 1.8, < 3)
      simplecov-html (~> 0.10.0)
    simplecov-console (0.4.2)
      ansi
      hirb
      simplecov
    simplecov-html (0.10.2)
    timers (4.1.2)
      hitimes
    tty-color (0.4.2)
    tty-cursor (0.5.0)
    tty-font (0.2.0)
    tty-prompt (0.16.1)
      necromancer (~> 0.4.0)
      pastel (~> 0.7.0)
      timers (~> 4.0)
      tty-cursor (~> 0.5.0)
      tty-reader (~> 0.3.0)
    tty-reader (0.3.0)
      tty-cursor (~> 0.5.0)
      tty-screen (~> 0.6.4)
      wisper (~> 2.0.0)
    tty-screen (0.6.4)
    tty-spinner (0.8.0)
      tty-cursor (>= 0.5.0)
    wisper (2.0.0)

PLATFORMS
  ruby

DEPENDENCIES
  bundler (~> 1.16)
  rake (~> 10.0)
  rspec (~> 3.0)
  simplecov (~> 0.16)
  simplecov-console (~> 0.4)
  us_passport_tracker!

BUNDLED WITH
   1.16.1
